GEM
  remote: http://rubygems.org/
  specs:
    json (1.7.5)
    multi_json (1.3.6)
    nokogiri (1.5.5.20120817130721)
    rack (1.6.4)
    rack-protection (1.5.3)
      rack
    rack_dav (0.4.0)
      nokogiri (~> 1.5)
      rack (~> 1.4)
    sinatra (1.4.6)
      rack (~> 1.4)
      rack-protection (~> 1.4)
      tilt (>= 1.3, < 3)
    sinatra-json (0.1.0)
      multi_json (~> 1.0)
      sinatra (~> 1.0)
    tilt (2.0.1)

PLATFORMS
  ruby

DEPENDENCIES
  json
  rack_dav
  sinatra
  sinatra-json
