PATH
  remote: .
  specs:
    rubx (0.1.0)

GEM
  remote: http://rubygems.org/
  specs:
    rake (10.1.0)

PLATFORMS
  ruby

DEPENDENCIES
  rake
  rubx!
