GEM
  remote: http://rubygems.org/
  specs:
    ansi (1.5.0)
    builder (3.2.2)
    json (1.7.5)
    minitest (5.4.2)
    minitest-reporters (1.0.20)
      ansi
      builder
      minitest (>= 5.0)
      ruby-progressbar
    multi_json (1.3.6)
    nokogiri (1.5.5.20120817130721)
    rack (1.6.4)
    rack-protection (1.5.3)
      rack
    rack_dav (0.4.0)
      nokogiri (~> 1.5)
      rack (~> 1.4)
    representable (2.3.0)
      uber (~> 0.0.7)
    roar (1.0.1)
      representable (>= 2.0.1, <= 3.0.0)
    ruby-progressbar (1.7.5)
    sinatra (1.4.6)
      rack (~> 1.4)
      rack-protection (~> 1.4)
      tilt (>= 1.3, < 3)
    sinatra-json (0.1.0)
      multi_json (~> 1.0)
      sinatra (~> 1.0)
    tilt (2.0.1)
    uber (0.0.14)

PLATFORMS
  ruby

DEPENDENCIES
  json
  minitest (= 5.4.2)
  minitest-reporters
  multi_json
  rack_dav
  roar
  sinatra
  sinatra-json
